GEM
  remote: https://rubygems.org/
  specs:
    mitie (0.2.1)

PLATFORMS
  arm64-darwin-21

DEPENDENCIES
  mitie

RUBY VERSION
   ruby 3.0.5p211

BUNDLED WITH
   2.2.33
